GEM
  remote: http://rubygems.org/
  specs:
    bson (1.3.0)
    gruff (0.3.6)
    mongo (1.3.0)
      bson (>= 1.3.0)
    rmagick (2.12.2)

PLATFORMS
  ruby

DEPENDENCIES
  gruff (~> 0.3.6)
  mongo (~> 1.3.0)
  rmagick (~> 2.12.2)
